GEM
  remote: https://rubygems.org/
  specs:
    RedCloth (4.2.9)
    asciidoctor (1.5.2)
    awestruct (0.5.5)
      asciidoctor
      bootstrap-sass (~> 3.1.1.0)
      colorize (~> 0.7.1)
      compass (~> 0.12.4)
      compass-960-plugin (~> 0.10.4)
      git (~> 1.2.6)
      guard-livereload (~> 2.1.2)
      haml (~> 4.0.5)
      listen (~> 2.7.1)
      mime-types (~> 2.1)
      nokogiri (~> 1.5.10)
      rack (~> 1.5.2)
      rest-client (~> 1.6.7)
      ruby-s3cmd (~> 0.1.5)
      tilt (~> 2.0.1)
      zurb-foundation (~> 4.3.2)
    bootstrap-sass (3.1.1.1)
      sass (~> 3.2)
    builder (3.2.2)
    celluloid (0.16.0)
      timers (~> 4.0.0)
    chunky_png (1.3.3)
    coderay (1.1.0)
    coffee-script (2.3.0)
      coffee-script-source
      execjs
    coffee-script-source (1.8.0)
    colorize (0.7.3)
    commonjs (0.2.7)
    compass (0.12.7)
      chunky_png (~> 1.2)
      fssm (>= 0.2.7)
      sass (~> 3.2.19)
    compass-960-plugin (0.10.4)
      compass (>= 0.10.0)
    creole (0.5.0)
    em-websocket (0.5.1)
      eventmachine (>= 0.12.9)
      http_parser.rb (~> 0.6.0)
    eventmachine (1.0.3)
    execjs (2.2.2)
    expression_parser (0.9.0)
    ffi (1.9.6)
    formatador (0.2.5)
    fssm (0.2.10)
    git (1.2.8)
    guard (2.10.0)
      formatador (>= 0.2.4)
      listen (~> 2.7)
      lumberjack (~> 1.0)
      pry (>= 0.9.12)
      thor (>= 0.18.1)
    guard-livereload (2.1.3)
      em-websocket (~> 0.5)
      guard (~> 2.0)
      multi_json (~> 1.8)
    haml (4.0.5)
      tilt
    hitimes (1.2.2)
    htmlentities (4.3.3)
    http_parser.rb (0.6.0)
    kramdown (1.5.0)
    less (2.6.0)
      commonjs (~> 0.2.7)
    libv8 (3.16.14.7)
    liquid (3.0.1)
    listen (2.7.12)
      celluloid (>= 0.15.2)
      rb-fsevent (>= 0.9.3)
      rb-inotify (>= 0.9)
    lumberjack (1.0.9)
    markaby (0.8.0)
      builder
    method_source (0.8.2)
    mime-types (2.4.3)
    multi_json (1.10.1)
    nokogiri (1.5.11)
    org-ruby (0.9.12)
      rubypants (~> 0.2)
    pry (0.10.1)
      coderay (~> 1.1.0)
      method_source (~> 0.8.1)
      slop (~> 3.4)
    rack (1.5.2)
    rack-protection (1.5.3)
      rack
    radius (0.7.4)
    rb-fsevent (0.9.4)
    rb-inotify (0.9.5)
      ffi (>= 0.5.0)
    ref (1.0.5)
    rest-client (1.6.7)
      mime-types (>= 1.16)
    ruby-s3cmd (0.1.5)
    rubypants (0.2.0)
    sass (3.2.19)
    sinatra (1.4.6)
      rack (~> 1.4)
      rack-protection (~> 1.4)
      tilt (>= 1.3, < 3)
    slop (3.6.0)
    therubyracer (0.12.1)
      libv8 (~> 3.16.14.0)
      ref
    thor (0.19.1)
    tilt (2.0.1)
    timers (4.0.1)
      hitimes
    twitter-text (1.11.0)
      unf (~> 0.1.0)
    unf (0.1.4)
      unf_ext
    unf_ext (0.0.6)
    webrick (1.3.1)
    wikicloth (0.8.3)
      builder
      expression_parser
      htmlentities
      nokogiri
      twitter-text
    yajl-ruby (1.2.1)
    zurb-foundation (4.3.2)
      sass (>= 3.2.0)

PLATFORMS
  ruby

DEPENDENCIES
  RedCloth (>= 4.2.9)
  asciidoctor (>= 0.1.1)
  awestruct (~> 0.5.3)
  celluloid (>= 0.16.0)
  coffee-script (>= 2.2.0)
  commonjs (>= 0.2.7)
  creole (>= 0.5.0)
  kramdown (>= 0.14.2)
  less (>= 2.6.0)
  liquid (>= 3.0.1)
  markaby (>= 0.8.0)
  nokogiri
  org-ruby (>= 0.9.12)
  radius (>= 0.7.4)
  sinatra
  therubyracer (>= 0.12.1)
  tilt (>= 2.0.1)
  webrick (~> 1.3.1)
  wikicloth (>= 0.8.2)
  yajl-ruby
